GEM
  remote: https://rubygems.org/
  specs:
    matrix (0.4.2)
    minitest (5.14.4)
    rake (13.0.4)

PLATFORMS
  arm64-darwin-23
  x86_64-darwin-20
  x86_64-linux

DEPENDENCIES
  matrix
  minitest
  rake

BUNDLED WITH
   2.2.22
